GEM
  remote: https://rubygems.org/
  specs:
    activesupport (3.2.13)
      i18n (= 0.6.1)
      multi_json (~> 1.0)
    i18n (0.6.1)
    ice_cube (0.10.0)
    multi_json (1.7.2)

PLATFORMS
  ruby

DEPENDENCIES
  activesupport
  ice_cube
